GEM
  remote: https://rubygems.org/
  specs:
    colorize (0.6.0)
    mixlib-cli (1.4.0)
    slop (3.5.0)

PLATFORMS
  ruby

DEPENDENCIES
  colorize
  mixlib-cli
  slop
